GEM
  remote: https://rubygems.org/
  specs:
    activesupport (4.2.4)
      i18n (~> 0.7)
      json (~> 1.7, >= 1.7.7)
      minitest (~> 5.1)
      thread_safe (~> 0.3, >= 0.3.4)
      tzinfo (~> 1.1)
    discordrb (1.1.3)
      activesupport
      faye-websocket
      rest-client
    domain_name (0.5.25)
      unf (>= 0.0.5, < 1.0.0)
    eventmachine (1.0.8)
    faye-websocket (0.10.0)
      eventmachine (>= 0.12.0)
      websocket-driver (>= 0.5.1)
    http-cookie (1.0.2)
      domain_name (~> 0.5)
    i18n (0.7.0)
    json (1.8.3)
    mime-types (2.6.2)
    minitest (5.8.1)
    netrc (0.10.3)
    rest-client (1.8.0)
      http-cookie (>= 1.0.2, < 2.0)
      mime-types (>= 1.16, < 3.0)
      netrc (~> 0.7)
    thread_safe (0.3.5)
    tzinfo (1.2.2)
      thread_safe (~> 0.1)
    unf (0.1.4)
      unf_ext
    unf_ext (0.0.7.1)
    websocket-driver (0.6.2)
      websocket-extensions (>= 0.1.0)
    websocket-extensions (0.1.2)

PLATFORMS
  ruby

DEPENDENCIES
  discordrb

BUNDLED WITH
   1.10.3
